GEM
  remote: https://rubygems.org/
  specs:
    os (1.1.4)
    rake (13.0.6)

PLATFORMS
  x86_64-linux

DEPENDENCIES
  os
  rake

BUNDLED WITH
   2.2.31
